GEM
  remote: https://rubygems.org/
  specs:
    addressable (2.5.2)
      public_suffix (>= 2.0.2, < 4.0)
    backports (3.11.3)
    bcrypt (3.1.12)
    bcrypt-ruby (3.1.5)
      bcrypt (>= 3.1.3)
    capybara (3.4.2)
      addressable
      mini_mime (>= 0.1.3)
      nokogiri (~> 1.8)
      rack (>= 1.6.0)
      rack-test (>= 0.6.3)
      xpath (~> 3.1)
    chunky_png (1.3.10)
    compass (1.0.3)
      chunky_png (~> 1.2)
      compass-core (~> 1.0.2)
      compass-import-once (~> 1.0.5)
      rb-fsevent (>= 0.9.3)
      rb-inotify (>= 0.9)
      sass (>= 3.3.13, < 3.5)
    compass-core (1.0.3)
      multi_json (~> 1.0)
      sass (>= 3.3.0, < 3.5)
    compass-import-once (1.0.5)
      sass (>= 3.2, < 3.5)
    concurrent-ruby (1.0.5)
    dalli (2.7.8)
    data_mapper (1.2.0)
      dm-aggregates (~> 1.2.0)
      dm-constraints (~> 1.2.0)
      dm-core (~> 1.2.0)
      dm-migrations (~> 1.2.0)
      dm-serializer (~> 1.2.0)
      dm-timestamps (~> 1.2.0)
      dm-transactions (~> 1.2.0)
      dm-types (~> 1.2.0)
      dm-validations (~> 1.2.0)
    data_objects (0.10.17)
      addressable (~> 2.1)
    diff-lcs (1.3)
    dm-aggregates (1.2.0)
      dm-core (~> 1.2.0)
    dm-constraints (1.2.0)
      dm-core (~> 1.2.0)
    dm-core (1.2.1)
      addressable (~> 2.3)
    dm-do-adapter (1.2.0)
      data_objects (~> 0.10.6)
      dm-core (~> 1.2.0)
    dm-migrations (1.2.0)
      dm-core (~> 1.2.0)
    dm-postgres-adapter (1.2.0)
      dm-do-adapter (~> 1.2.0)
      do_postgres (~> 0.10.6)
    dm-serializer (1.2.2)
      dm-core (~> 1.2.0)
      fastercsv (~> 1.5)
      json (~> 1.6)
      json_pure (~> 1.6)
      multi_json (~> 1.0)
    dm-sqlite-adapter (1.2.0)
      dm-do-adapter (~> 1.2.0)
      do_sqlite3 (~> 0.10.6)
    dm-timestamps (1.2.0)
      dm-core (~> 1.2.0)
    dm-transactions (1.2.0)
      dm-core (~> 1.2.0)
    dm-types (1.2.2)
      bcrypt-ruby (~> 3.0)
      dm-core (~> 1.2.0)
      fastercsv (~> 1.5)
      json (~> 1.6)
      multi_json (~> 1.0)
      stringex (~> 1.4)
      uuidtools (~> 2.1)
    dm-validations (1.2.0)
      dm-core (~> 1.2.0)
    do_postgres (0.10.17)
      data_objects (= 0.10.17)
    do_sqlite3 (0.10.17)
      data_objects (= 0.10.17)
    fastercsv (1.5.5)
    ffi (1.9.25)
    filesize (0.1.1)
    haml (5.0.4)
      temple (>= 0.8.0)
      tilt
    httparty (0.16.2)
      multi_xml (>= 0.5.2)
    json (1.8.6)
    json_pure (1.8.6)
    listen (3.1.5)
      rb-fsevent (~> 0.9, >= 0.9.4)
      rb-inotify (~> 0.9, >= 0.9.7)
      ruby_dep (~> 1.2)
    mail (2.7.0)
      mini_mime (>= 0.1.1)
    memcachier (0.0.2)
    mini_mime (1.0.0)
    mini_portile2 (2.3.0)
    multi_json (1.13.1)
    multi_xml (0.6.0)
    nokogiri (1.8.4)
      mini_portile2 (~> 2.3.0)
    pg (1.0.0)
    pkg-config (1.3.1)
    public_suffix (3.0.2)
    puma (3.12.0)
    rack (1.6.10)
    rack-cache (1.8.0)
      rack (>= 0.4)
    rack-flash-session (1.0.2)
      rack (>= 1.0)
    rack-flash3 (1.0.5)
      rack
    rack-protection (1.5.5)
      rack
    rack-test (1.1.0)
      rack (>= 1.0, < 3)
    rake (12.3.1)
    rb-fsevent (0.10.3)
    rb-inotify (0.9.10)
      ffi (>= 0.5.0, < 2)
    rerun (0.13.0)
      listen (~> 3.0)
    rspec (3.7.0)
      rspec-core (~> 3.7.0)
      rspec-expectations (~> 3.7.0)
      rspec-mocks (~> 3.7.0)
    rspec-core (3.7.1)
      rspec-support (~> 3.7.0)
    rspec-expectations (3.7.0)
      diff-lcs (>= 1.2.0, < 2.0)
      rspec-support (~> 3.7.0)
    rspec-mocks (3.7.0)
      diff-lcs (>= 1.2.0, < 2.0)
      rspec-support (~> 3.7.0)
    rspec-support (3.7.1)
    ruby_dep (1.5.0)
    sass (3.4.25)
    sinatra (1.4.8)
      rack (~> 1.5)
      rack-protection (~> 1.4)
      tilt (>= 1.3, < 3)
    sinatra-contrib (1.4.7)
      backports (>= 2.0)
      multi_json
      rack-protection
      rack-test
      sinatra (~> 1.4.0)
      tilt (>= 1.3, < 3)
    sinatra-cross_origin (0.3.2)
    sprockets (3.7.2)
      concurrent-ruby (~> 1.0)
      rack (> 1, < 3)
    stringex (1.5.1)
    temple (0.8.0)
    tilt (2.0.8)
    uuidtools (2.1.5)
    xpath (3.1.0)
      nokogiri (~> 1.8)

PLATFORMS
  ruby

DEPENDENCIES
  capybara
  compass (~> 1.0.3)
  dalli
  data_mapper (~> 1.2.0)
  dm-postgres-adapter
  dm-sqlite-adapter (~> 1.2)
  filesize
  haml
  httparty
  json
  mail
  memcachier
  pg
  pkg-config
  puma
  rack-cache
  rack-flash-session
  rack-flash3
  rake
  rerun
  rspec
  sass
  sinatra (~> 1.4.0)
  sinatra-contrib
  sinatra-cross_origin (~> 0.3.1)
  sprockets

BUNDLED WITH
   1.16.2
